PATH
  remote: .
  specs:
    ruby-technical-analysis (1.0.0)

GEM
  remote: https://rubygems.org/
  specs:
    minitest (5.15.0)
    rake (13.0.6)

PLATFORMS
  arm64-darwin-20
  arm64-darwin-22
  x86_64-linux

DEPENDENCIES
  bundler (~> 2.0)
  minitest (~> 5.0)
  rake (~> 13.0)
  ruby-technical-analysis!

BUNDLED WITH
   2.3.10
